GEM
  remote: https://rubygems.org/
  specs:
    actionmailer (2.3.5)
      actionpack (= 2.3.5)
    actionpack (2.3.5)
      activesupport (= 2.3.5)
      rack (~> 1.0.0)
    activerecord (2.3.5)
      activesupport (= 2.3.5)
    activerecord-mysql2-adapter (0.0.3)
      mysql2
    activeresource (2.3.5)
      activesupport (= 2.3.5)
    activesupport (2.3.5)
    bundler-unload (1.0.2)
    declarative_authorization (0.5.7)
    executable-hooks (1.3.1)
    i18n (0.6.9)
    json (1.8.1)
    mysql (2.9.1)
    mysql2 (0.3.15)
    rack (1.0.1)
    rails (2.3.5)
      actionmailer (= 2.3.5)
      actionpack (= 2.3.5)
      activerecord (= 2.3.5)
      activeresource (= 2.3.5)
      activesupport (= 2.3.5)
      rake (>= 0.8.3)
    rake (10.1.1)
    rdoc (4.1.1)
      json (~> 1.4)
    rubygems-bundler (1.4.2)
      bundler-unload (>= 1.0.2)
      executable-hooks (>= 1.2.5)
    rubygems-update (1.5.2)
    rush (0.6.8)
      session
    session (3.1.1)
    subdomain-fu (0.5.4)
    test-unit (2.5.5)

PLATFORMS
  ruby

DEPENDENCIES
  activerecord-mysql2-adapter
  bundler
  declarative_authorization
  i18n
  mysql
  mysql2
  rails (= 2.3.5)
  rake
  rdoc
  rubygems-bundler
  rubygems-update (= 1.5.2)
  rush
  subdomain-fu
  test-unit
