GIT
  remote: http://github.com/mbleigh/subdomain-fu.git
  revision: 3752799a02c0e18abd0a1bfb422925e880dc754e
  specs:
    subdomain-fu (1.0.0.beta3)

GEM
  remote: https://rubygems.org/
  specs:
    actionmailer (2.3.11)
      actionpack (= 2.3.11)
    actionpack (2.3.11)
      activesupport (= 2.3.11)
      rack (~> 1.1.0)
    activerecord (2.3.11)
      activesupport (= 2.3.11)
    activerecord-mysql2-adapter (0.0.3)
      mysql2
    activeresource (2.3.11)
      activesupport (= 2.3.11)
    activesupport (2.3.11)
    declarative_authorization (0.5.7)
    i18n (0.6.9)
    json (1.8.1)
    mysql (2.9.1)
    mysql2 (0.3.15)
    rack (1.1.6)
    rails (2.3.11)
      actionmailer (= 2.3.11)
      actionpack (= 2.3.11)
      activerecord (= 2.3.11)
      activeresource (= 2.3.11)
      activesupport (= 2.3.11)
      rake (>= 0.8.3)
    rake (10.3.1)
    rdoc (4.1.1)
      json (~> 1.4)
    rush (0.6.8)
      session
    session (3.2.0)
    test-unit (2.5.5)

PLATFORMS
  ruby

DEPENDENCIES
  activerecord
  activerecord-mysql2-adapter
  bundler
  declarative_authorization (~> 0.5.1)
  i18n
  mysql
  mysql2
  rails (= 2.3.11)
  rdoc
  rush
  subdomain-fu!
  test-unit
